GIT
  remote: git://github.com/getgauge/gauge-ruby.git
  revision: 690b36679a5b3cd9941aaa73a716c8a56541693a
  branch: master
  specs:
    gauge-ruby (0.5.1)
      debase (~> 0.2.2)
      grpc (~> 1.10, >= 1.10.0)
      method_source (~> 0.8.2)
      os (= 0.9.6)
      parser (~> 2.3)
      ruby-debug-ide (~> 0.6.0)
      ruby-protocol-buffers (= 1.5.1)
      unparser (~> 0.2.6)

GEM
  remote: https://rubygems.org/
  specs:
    abstract_type (0.0.7)
    adamantium (0.2.0)
      ice_nine (~> 0.11.0)
      memoizable (~> 0.4.0)
    addressable (2.5.2)
      public_suffix (>= 2.0.2, < 4.0)
    ast (2.4.0)
    concord (0.1.5)
      adamantium (~> 0.2.0)
      equalizer (~> 0.0.9)
    debase (0.2.2)
      debase-ruby_core_source (>= 0.10.2)
    debase-ruby_core_source (0.10.3)
    diff-lcs (1.3)
    equalizer (0.0.11)
    faraday (0.15.2)
      multipart-post (>= 1.2, < 3)
    google-protobuf (3.5.1.2)
    googleapis-common-protos-types (1.0.1)
      google-protobuf (~> 3.0)
    googleauth (0.6.2)
      faraday (~> 0.12)
      jwt (>= 1.4, < 3.0)
      logging (~> 2.0)
      memoist (~> 0.12)
      multi_json (~> 1.11)
      os (~> 0.9)
      signet (~> 0.7)
    grpc (1.12.0)
      google-protobuf (~> 3.1)
      googleapis-common-protos-types (~> 1.0.0)
      googleauth (>= 0.5.1, < 0.7)
    ice_nine (0.11.2)
    jwt (2.1.0)
    little-plugger (1.1.4)
    logging (2.2.2)
      little-plugger (~> 1.1)
      multi_json (~> 1.10)
    memoist (0.16.0)
    memoizable (0.4.2)
      thread_safe (~> 0.3, >= 0.3.1)
    method_source (0.8.2)
    multi_json (1.13.1)
    multipart-post (2.0.0)
    os (0.9.6)
    parser (2.5.1.0)
      ast (~> 2.4.0)
    power_assert (1.1.1)
    procto (0.0.3)
    public_suffix (3.0.2)
    rake (12.3.1)
    ruby-debug-ide (0.6.1)
      rake (>= 0.8.1)
    ruby-protocol-buffers (1.5.1)
    signet (0.8.1)
      addressable (~> 2.3)
      faraday (~> 0.9)
      jwt (>= 1.5, < 3.0)
      multi_json (~> 1.10)
    test-unit (3.2.8)
      power_assert
    thread_safe (0.3.6)
    unparser (0.2.7)
      abstract_type (~> 0.0.7)
      adamantium (~> 0.2.0)
      concord (~> 0.1.5)
      diff-lcs (~> 1.3)
      equalizer (~> 0.0.9)
      parser (>= 2.3.1.2, < 2.6)
      procto (~> 0.0.2)

PLATFORMS
  ruby

DEPENDENCIES
  gauge-ruby (~> 0.5.1)!
  test-unit

BUNDLED WITH
   1.16.1
